##TITLE= Parameter file, TopSpin 3.6.5
##JCAMPDX= 5.0
##DATATYPE= Parameter Values
##NPOINTS= 1	$$ modification sequence number
##ORIGIN= Bruker BioSpin GmbH
##OWNER= nmrsu
$$ 2024-01-26 03:30:51.935 +0100  nmrsu@CZC603BPWK
$$ /reference/MENMR/ubiCN/25/NOESY_HC_CH/1/acqu3
$$ process /opt/topspin3.6.5/prog/mod/dirdata
##$ACQT0= 0
##$BF1= 201.076646
##$FnILOOP= 0
##$FnMODE= 5
##$NUC1= <13C>
##$NusJSP= 0
##$NusT2= 1
##$NusTD= 0
##$O1= 8043.06584
##$ProjAngle= 0
##$SFO1= 201.08468906584
##$SW= 80
##$SW_h= 16086.7751252672
##$TD= 256
##END=
