##TITLE= Parameter file, TopSpin 3.6.5
##JCAMPDX= 5.0
##DATATYPE= Parameter Values
##NPOINTS= 146205	$$ modification sequence number
##ORIGIN= Bruker BioSpin GmbH
##OWNER= nmrsu
$$ 2024-01-17 12:27:36.184 +0100  nmrsu@CZC603BPWK
$$ /opt/topspin3.6.5/conf/instr/spect/specpar
$$ process /opt/topspin3.6.5/prog/mod/hconfserver
##$ANCIEN= (0..7)
0 0 0 0 0 0 0 0
##$BF1= 100.13
##$BF2= 100.13
##$BF3= 100.13
##$DEC= 1
##$DECB= 1
##$DEF19F= yes
##$DEFRSEL= yes
##$HPMOD= (0..7)
0 0 0 0 0 0 0 0
##$HPPRECH= (0..15)
-1 -1 -1 -1 -1 -1 -1 -1 -1 -1 -1 -1 -1 -1 -1 -1
##$HPSELECT= no
##$LOCSW19F= -1
##$LOCSW2H= -1
##$NUC1= 1
##$NUC2= 10
##$NUC3= 12
##$NUC4= 10
##$NUC5= 0
##$NUC6= 0
##$NUC7= 0
##$NUC8= 0
##$NUCARR= (0..123)
799.67 799.67 122.754213871 852.959800886 609.180417379 117.680124916 310.78212547
112.368133017 85.913809929 256.565914886 201.076645655 57.786689154 81.02985739
108.406919692 752.441577764 63.128316823 211.52790873 48.952878605 208.368884365
158.871934283 323.712349551 61.3826692 78.3509389 65.218886108 37.315584969
20.481987694 53.818022904 194.253813235 45.081668138 45.093687178 79.72956998
210.336784272 45.201314763 198.231939581 25.891539333 189.738292656 71.458919032
212.036282939 227.135811813 50.03377655 191.931627532 243.872992877 27.895008561
136.924407374 152.509168007 41.724557517 200.349161866 215.963022491 30.76810292
77.207682688 261.655654502 34.656274387 39.185413347 74.339706217 195.728588639
52.113902144 53.207602807 179.992330524 36.826011002 41.273919482 25.481060725
36.59369887 32.369194197 37.212907341 169.653828916 177.472162523 174.853883009
175.228720324 261.642020128 284.940485545 298.201996914 191.365645096 103.630970584
209.271575851 252.294037762 159.993863296 222.389714386 65.924163061 104.885852731
79.442872292 88.866751338 105.51085881 112.958513385 244.858954 43.582015
26.868912 33.346239 27.508648 198.797962 87.803766 24.549869 32.226701
192.240668 27.508648 38.544094 170.649578 23.030496 66.292643 139.93670029
38.5520907 91.1943668 65.0211677 32.0427769 20.1276939 95.87723432 33.317346923
180.12246882 181.93771972 18.251116308 62.09757418 13.7383306 14.9618257
171.903332613 13.8262943 143.227470287 52.870845776 456.79709344 461.280347335
167.295754023 128.50127535 14.72512338 29.028021 100 100
##$NUCOFFS= (0..127)
<2H> <13C> <15N> <10B> <1H> <11B> <79Br> <7Li> <207Pb> <> <> <> <> <> <>
<> <> <> <> <> <> <> <> <> <> <> <> <> <> <> <> <> <> <> <> <> <> <> <>
<> <> <> <> <> <> <> <> <> <> <> <> <> <> <> <> <> <> <> <> <> <> <> <>
<> <> <> <> <> <> <> <> <> <> <> <> <> <> <> <> <> <> <> <> <> <> <> <>
<> <> <> <> <> <> <> <> <> <> <> <> <> <> <> <> <> <> <> <> <> <> <> <>
<> <> <> <> <> <> <> <> <> <> <> <> <> <> <> <> <>
##$OBS= 1
##$OFFS= (0..127)
576.94 35490.03 0 0 0 0 0 0 0 0 0 0 0 0 0 0 0 0 0 0 0 0 0 0 0 0 0 0 0 0
0 0 0 0 0 0 0 0 0 0 0 0 0 0 0 0 0 0 0 0 0 0 0 0 0 0 0 0 0 0 0 0 0 0 0 0
0 0 0 0 0 0 0 0 0 0 0 0 0 0 0 0 0 0 0 0 0 0 0 0 0 0 0 0 0 0 0 0 0 0 0 0
0 0 0 0 0 0 0 0 0 0 0 0 0 0 0 0 0 0 0 0 0 0 0 0 0 0
##$OFFSF= (0..7)
0 0 0 0 0 0 0 0
##$OFFSH= (0..7)
0 0 0 0 0 0 0 0
##$OFFSX= (0..7)
0 0 0 0 0 0 0 0
##$OFFSXAS= (0..7)
0 0 0 0 0 0 0 0
##$OFSF1= 0
##$OFSF2= 0
##$OFSH1= 0
##$OFSH2= 0
##$OFSH3= 0
##$OFSX1= 0
##$OFSX2= 0
##$OFSY= 0
##$PACOIL= (0..15)
0 0 0 0 0 0 0 0 0 0 0 0 0 0 0 0
##$PRECHAN= (0..15)
-1 6 0 2 5 -1 -1 -1 -1 -1 -1 -1 -1 -1 -1 -1
##$RECPRE= (0..15)
-1 6 0 -1 -1 -1 -1 -1 -1 -1 -1 -1 -1 -1 -1 -1
##$RECPRFX= (0..15)
1 0 0 0 0 0 1 0 0 0 0 0 0 0 0 0
##$RECSEL= (0..15)
0 1 2 2 2 0 0 0 0 0 0 0 0 0 0 0
##$SELREC= (0..9)
0 0 0 0 0 0 0 0 0 0
##$SFO1= 799.673758
##$SFO2= 201.087705
##$SFO3= 81.039337
##$SFO4= 201.112136
##$SFO5= 799.673758
##$SFO6= 799.673758
##$SFO7= 799.673758
##$SFO8= 799.673758
##$TY= (0..123)
0 0 0 0 0 0 0 0 0 0 0 0 0 0 0 0 0 0 0 0 0 0 0 0 0 0 0 0 0 0 0 0 0 0 0 0
0 0 0 0 0 0 0 0 0 0 0 0 0 0 0 0 0 0 0 0 0 0 0 0 0 0 0 0 0 0 0 0 0 0 0 0
0 0 0 0 0 0 0 0 0 0 0 0 0 0 0 0 0 0 0 0 0 0 0 0 0 0 0 0 0 0 0 0 0 0 0 0
0 0 0 0 0 0 0 0 0 0 0 0 0 0 0 0
##END=
