##TITLE= Parameter file, TopSpin 3.6.5
##JCAMPDX= 5.0
##DATATYPE= Parameter Values
##NPOINTS= 267	$$ modification sequence number
##ORIGIN= Bruker BioSpin GmbH
##OWNER= nmrsu
$$ 2024-01-24 11:37:43.241 +0100  nmrsu@CZC603BPWK
$$ /reference/MENMR/ubiCN/25/2D_NHSQC_SHAPED/2250/acqus
$$ process /opt/topspin3.6.5/prog/mod/go4
##$ACQT0= 0
##$AMP= (0..31)
100 100 100 100 100 100 100 100 100 100 100 100 100 100 100 100 100 100
100 100 100 100 100 100 100 100 100 100 100 100 100 100
##$AMPCOIL= (0..19)
-1 0 0 0 0 0 0 0 0 0 0 0 0 0 0 0 0 0 0 0
##$ANAVPT= -1
##$AQSEQ= 0
##$AQ_mod= 3
##$AUNM= <au_zg>
##$AUTOPOS= <>
##$BF1= 799.67
##$BF2= 201.076646
##$BF3= 81.029857
##$BF4= 799.67
##$BF5= 799.67
##$BF6= 799.67
##$BF7= 799.67
##$BF8= 799.67
##$BWFAC= (0..63)
0 0 0 0 0 0 0 0 0 0 0 0 0 0 0 0 0 0 0 0 0 0 0 0 0 0 0 0 0 0 0 0 0 0 0 0
0 0 0 0 0 0 0 0 0 0 0 0 0 0 0 0 0 0 0 0 0 0 0 0 0 0 0 0
##$BYTORDA= 0
##$CAGPARS= (0..11)
0 0 0 0 0 0 0 0 0 0 0 0
##$CHEMSTR= <none>
##$CNST= (0..63)
1 1 1 1 96 1 1 1 1 1 1 1 1 1 1 1 1 1 1 1 1 56 176 1 1 1 1 1 1 1 1 1 1 1
1 1 1 1 1 1 1 1 1 1 1 1 1 1 1 1 5.5 5.5 8.625 1 0.57 1 1 0.57 0 1 1 1 1
1
##$CPDPRG= (0..8)
<> <dipsi2> <> <waltz16> <waltz16> <> <> <> <>
##$D= (0..63)
0 2.22 0.0052 0 0 0 0 0 0 0 0 0.03 0 4e-06 0 0 0.0002 0 0.0001 0 0 0.0054
0.0054 0.008 0.028 0.0052 0 0 0 0 0.0285 0 0.0002 0 0 0 0 0 0 0 0 0 2e-07
0 0 0 0.00305 0 0 0 0 0 1.03125e-06 0 0 0 0 0 0 0 0 0 0 0
##$DATE= 1706092662
##$DATE_START= 1706091417
##$DE= 20.57501
##$DECBNUC= <off>
##$DECIM= 1664
##$DECNUC= <off>
##$DECSTAT= 7
##$DIGMOD= 3
##$DIGTYP= 12
##$DQDMODE= 0
##$DR= 22
##$DS= 16
##$DSPFIRM= 4
##$DSPFVS= 21
##$DTYPA= 0
##$EXP= <nhsqc>
##$FCUCHAN= (0..9)
0 2 1 3 0 0 0 0 0 0
##$FL1= 0
##$FL2= 0
##$FL3= 0
##$FL4= 0
##$FN_INDIRECT= (0..7)
0 2 2 2 0 0 0 0
##$FOV= 0
##$FQ1LIST= <>
##$FQ2LIST= <>
##$FQ3LIST= <>
##$FQ4LIST= <>
##$FQ5LIST= <>
##$FQ6LIST= <>
##$FQ7LIST= <>
##$FQ8LIST= <>
##$FRQLO3= 326241.550999999
##$FRQLO3N= 2
##$FS= (0..7)
83 83 83 83 83 83 83 83
##$FTLPGN= 0
##$FW= 4032000
##$FnILOOP= 0
##$FnMODE= 0
##$FnTYPE= 0
##$GPNAM= (0..31)
<SMSQ10.100> <SMSQ10.100> <SMSQ10.100> <SMSQ10.100> <SMSQ10.100> <SMSQ10.100>
<SMSQ10.100> <SMSQ10.100> <SMSQ10.100> <SMSQ10.100> <SMSQ10.100> <SMSQ10.100>
<SMSQ10.100> <SMSQ10.100> <SMSQ10.100> <> <> <SMSQ10.100> <SMSQ10.100>
<SMSQ10.100> <SMSQ10.100> <SMSQ10.100> <SMSQ10.100> <SMSQ10.100> <SMSQ10.100>
<> <> <> <> <> <> <>
##$GPX= (0..31)
0 0 0 0 0 0 0 0 0 0 0 0 0 0 0 0 0 0 0 0 0 0 0 0 0 0 0 0 0 0 0 0
##$GPY= (0..31)
0 0 0 0 0 0 0 0 0 0 0 0 0 0 0 0 0 0 0 0 0 0 0 0 0 0 0 0 0 0 0 0
##$GPZ= (0..31)
30 0.3 5 2 3 3 0 80 0 1 9.1 1 5 2 3 0 0 80 0 1 9.1 60 -100 3 19.2 0 0 0
0 0 0 0
##$GRDPROG= <grad_out>
##$GRPDLY= 76
##$HDDUTY= 20
##$HDRATE= 1
##$HGAIN= (0..3)
0 0 0 0
##$HL1= 0
##$HL2= 0
##$HL3= 0
##$HL4= 0
##$HOLDER= 0
##$HPMOD= (0..7)
0 0 0 0 0 0 0 0
##$HPPRGN= 0
##$IN= (0..63)
0 0.0003084 0 0 0 0 0 0 0 0 0 0 0 0 0 0 0 0 0 0 0 0 0 0 0 0 0 0 0 0 0 0
0 0 0 0 0 0 0 0 0 0 0 0 0 0 0 0 0 0 0 0 0 0 0 0 0 0 0 0 0 0 0 0
##$INF= (0..7)
0 308.4 308.4 308.4 0 0 0 0
##$INP= (0..63)
0 0 0 0 0 0 0 0 0 0 0 0 0 0 0 0 0 0 0 0 0 0 0 0 0 0 0 0 0 0 0 0 0 0 0 0
0 0 0 0 0 0 0 0 0 0 0 0 0 0 0 0 0 0 0 0 0 0 0 0 0 0 0 0
##$INSTRUM= <spect>
##$INTEGFAC= (0..63)
0 0 0 0 0 0 0 0 0 0 0 0 0 0 0 0 0 0 0 0 0 0 0 0 0 0 0 0 0 0 0 0 0 0 0 0
0 0 0 0 0 0 0 0 0 0 0 0 0 0 0 0 0 0 0 0 0 0 0 0 0 0 0 0
##$L= (0..31)
1 1 1 1 1 1 1 1 1 1 1 1 1 1 1 1 1 1 1 1 1 1 1 1 1 1 1 1 1 1 1 1
##$LFILTER= 100
##$LGAIN= -5
##$LINPSTP= 0
##$LOCKED= yes
##$LOCKFLD= -411
##$LOCKGN= 106.609848022461
##$LOCKPOW= -18
##$LOCKPPM= 4.69999980926514
##$LOCNUC= <2H>
##$LOCPHAS= 159.5794
##$LOCSHFT= yes
##$LOCSW= 0
##$LTIME= 0.349999994039536
##$MASR= 4200
##$MASRLST= <masrlst>
##$MULEXPNO= (0..15)
0 0 0 0 0 0 0 0 0 0 0 0 0 0 0 0
##$NBL= 1
##$NC= -6
##$NLOGCH= 4
##$NOVFLW= 0
##$NS= 2
##$NUC1= <1H>
##$NUC2= <13C>
##$NUC3= <15N>
##$NUC4= <off>
##$NUC5= <off>
##$NUC6= <off>
##$NUC7= <off>
##$NUC8= <off>
##$NUCLEUS= <off>
##$NUSLIST= <automatic>
##$NusAMOUNT= 4.44444444444444
##$NusFPNZ= no
##$NusJSP= 0
##$NusSEED= 54321
##$NusSPTYPE= 0
##$NusT2= 1
##$NusTD= 0
##$O1= 3758.449
##$O2= 23123.81429
##$O3= 9480.493269
##$O4= 0
##$O5= 3758.45
##$O6= 3758.45
##$O7= 3758.45
##$O8= 3758.45
##$OVERFLW= 0
##$P= (0..63)
9.63 10.47 20.94 12.3 24.6 26.4 40 80 500 25 50 0 2000 240 192 1498 1000
2500 1000 600 2000 33.22 66.44 1125 788 80 60 9.63 0 4000 160 608 750 0
250 120 0 0 0 1800 600 120 1050 1275 5900 5900 6100 5900 5900 75000 4500
104.7 123 102.5 1073.1 1073.1 1108.8 1073.1 1073.1 0 300 104.7 123 332.2
##$PACOIL= (0..15)
1 0 4 0 0 3 2 0 0 0 0 0 0 0 0 0
##$PAPS= 0
##$PARMODE= 1
##$PCPD= (0..9)
0 60 55 220 250 0 0 0 0 0
##$PEXSEL= (0..9)
1 1 1 1 1 1 1 1 1 1
##$PHCOR= (0..31)
0 0 0 0 0 0 0 0 0 0 0 0 0 0 0 0 0 0 0 0 0 0 0 0 0 0 0 0 0 0 0 0
##$PHLIST= <>
##$PHP= 1
##$PH_ref= 0
##$PL= (0..63)
120 120 120 120 120 120 120 120 120 120 120 120 120 120 120 120 120 120
120 120 120 120 120 120 120 120 120 120 120 120 120 120 120 120 120 120
120 120 120 120 120 120 120 120 120 120 120 120 120 120 120 120 120 120
120 120 120 120 120 120 120 120 120 120
##$PLSTEP= 0.1
##$PLSTRT= -6
##$PLW= (0..63)
0 8 115 190 0 0 0 0 0 2.9666e-05 0.5481 0.15136 5.751521 0 1.7398 27.837
4.332191 0 8 0.2436 3.4496 0.3219 7.7615 32.762 0.031791 13.772 1.7117
32.762 13.33 0.1987 5.9116 28.612 1.4031e-06 0 0 0 19.236 0 0 0 0 0 0 0
0 0 0 0 0 0 0 0 0 0 0 0 0 0 0 0 0 0 0 0
##$PLWMAX= (0..7)
85.8 356.4 468.4 0 0 0 0 0
##$PQPHASE= 0
##$PQSCALE= 1
##$PR= 1
##$PRECHAN= (0..15)
-1 6 0 2 5 1 -1 -1 -1 -1 -1 -1 -1 -1 -1 -1
##$PRGAIN= 0
##$PROBHD= <Z156387_0002 (CP TCI 800S5 H-C/N-D-05 Z P)>
##$PROBINPUTS= (0..15)
<1H> <13C> <15N> <2H> <> <> <> <> <> <> <> <> <> <> <> <>
##$PULPROG= <2D.wt.pp>
##$PW= 0
##$PYNM= <>
##$ProjAngle= 0
##$QNP= 0
##$RD= 0
##$RECCHAN= (0..15)
0 2 1 0 0 0 0 0 0 0 0 0 0 0 0 0
##$RECPH= 0
##$RECPRE= (0..15)
-1 6 0 -1 -1 -1 -1 -1 -1 -1 -1 -1 -1 -1 -1 -1
##$RECPRFX= (0..15)
1 0 0 0 0 0 1 0 0 0 0 0 0 0 0 0
##$RECSEL= (0..15)
0 1 2 0 0 0 0 0 0 0 0 0 0 0 0 0
##$RG= 192.87
##$RO= 0
##$RSEL= (0..15)
0 1 2 4 0 0 0 0 0 0 0 0 0 0 0 0
##$S= (0..7)
83 83 83 83 83 83 83 83
##$SELREC= (0..9)
0 0 0 0 0 0 0 0 0 0
##$SFO1= 799.673758449
##$SFO2= 201.09976981429
##$SFO3= 81.039337493269
##$SFO4= 799.67
##$SFO5= 799.67375845
##$SFO6= 799.67375845
##$SFO7= 799.67375845
##$SFO8= 799.67375845
##$SOLVENT= <H2O+D2O>
##$SOLVOLD= <off>
##$SP= (0..63)
120 120 120 120 120 120 120 120 120 120 120 120 120 120 120 120 120 120
120 120 120 120 120 120 120 120 120 120 120 120 120 120 120 120 120 120
120 120 120 120 120 120 120 120 120 120 120 120 120 120 120 120 120 120
120 120 120 120 120 120 120 120 120 120
##$SPECTR= 0
##$SPINCNT= 0
##$SPNAM= (0..63)
<> <Sinc1.1000> <Q5.1000> <Q3.1000> <Q5.1000> <Q3.1000> <Q5tr.1000> <Q3.1000>
<Q5tr.1000> <Q3_surbop.1> <Q5.1000> <Sinc1.1000> <Q5tr.1000> <Crp80,0.5,20.1>
<Crp48,1.5,20.2> <Q3_surbop.1> <Q3_surbop.1> <Q3_surbop.1> <Crp60_xfilt.2>
<Iburp2.1000> <Q3.1000> <Reburp.1000> <Pc9_4_90.1000> <Pc9_4_120.1000>
<Rsnob.1000> <Pc9_4_90.1000> <Reburp.1000> <Pc9_4_90.1000> <Eburp2.1000>
<Eburp2tr.1000> <Bip720,50,20.1> <Crp48,1.5,20.2> <Gaus1_180i.1000> <Q3_surbop.1>
<Q3.1000> <Reburp.1000> <0.0> <0.0> <Iburp2.1000> <Bip720,50,20.1> <Reburp.1000>
<Bip720,100,10.1> <> <> <2D.wt.pulses.pp_sp44.wv> <2D.wt.pulses.pp_sp45.wv>
<2D.wt.pulses.pp_sp46.wv> <2D.wt.pulses.pp_sp47.wv> <2D.wt.pulses.pp_sp48.wv>
<> <> <> <> <> <2D.wt.pulses.pp_sp54.wv> <2D.wt.pulses.pp_sp55.wv> <2D.wt.pulses.pp_sp56.wv>
<2D.wt.pulses.pp_sp57.wv> <2D.wt.pulses.pp_sp58.wv> <> <> <> <> <>
##$SPOAL= (0..63)
0.5 0.5 1 0.5 1 0.5 0 0.5 0 0.5 1 0.5 0 0.5 0.5 0.5 0.5 0.5 0.5 0.5 0.5
0.5 1 1 0.5 1 0.5 0 1 0 0.5 0.5 0.5 0.5 0.5 0.5 0.5 0.5 0.5 0.5 0.5 0.5
0.5 0.5 0 1 0.5 0 1 0.5 0.5 0.5 0.5 0.5 0 1 0.5 0 1 0.5 0.5 0.5 0.5 0.5
##$SPOFFS= (0..63)
0 0 0 0 0 0 0 0 0 0 0 0 0 0 0 0 0 0 0 0 0 0 0 0 0 0 0 0 0 0 0 0 0 0 0 0
0 0 0 0 0 0 0 0 -2958.779 -2958.779 -2958.779 -2958.779 -2958.779 0 0 0
0 0 3138.705 3138.705 3138.705 3138.705 3138.705 0 0 0 0 0
##$SPPEX= (0..63)
0 0 0 0 0 0 0 0 0 0 0 0 0 0 0 0 0 0 0 0 0 0 0 0 0 0 0 0 0 0 0 0 0 0 0 0
0 0 0 0 0 0 0 0 0 0 0 0 0 0 0 0 0 0 0 0 0 0 0 0 0 0 0 0
##$SPW= (0..63)
0 0.00316228 101.66 82.273 101.66 82.273 101.66 82.273 101.66 7.9355 4.7553
0.00013366 4.7553 36.43 17.486 13.33 7.9355 7.9355 10.532 2.8471 84.563
1.8333 0.0023439 0.026043 0.18045 0.017434 0.42244 0.017434 0.12249 0.12249
2.1096 4.3716 3.1134e-06 7.9355 36.801 0.32343 0 0 0.30812 59.584 101.5
77.326 0 0 0.0061065 0.0061065 0.01431891 0.0061065 0.0061065 0 0 8 115
0 0.1845371 0.1845371 0.4333516 0.1845371 0.1845371 0 0 8 115 190
##$SUBNAM= (0..9)
<> <> <> <> <> <> <> <> <> <>
##$SW= 15.0301677931043
##$SWIBOX= (0..19)
0 1 2 0 4 0 0 0 0 0 0 0 0 0 0 0 0 0 0 0
##$SW_h= 12019.2307692308
##$SWfinal= 0
##$SigLockShift= 0
##$TD= 2048
##$TD0= 1
##$TD_INDIRECT= (0..7)
0 256 180 180 0 0 0 0
##$TDav= 1
##$TE= 298.1504
##$TE1= 299.7618
##$TE2= 0
##$TE3= 0
##$TE4= 0
##$TEG= 300
##$TE_MAGNET= 0
##$TE_PIDX= 1
##$TE_RAW= 299.7618
##$TE_STAB= (0..9)
2 2 0 0 0 0 0 0 0 0
##$TL= (0..7)
120 120 120 120 120 120 120 120
##$TOTROT= (0..63)
0 0 0 0 0 0 0 0 0 0 0 0 0 0 0 0 0 0 0 0 0 0 0 0 0 0 0 0 0 0 0 0 0 0 0 0
0 0 0 0 0 0 0 0 0 0 0 0 0 0 0 0 0 0 0 0 0 0 0 0 0 0 0 0
##$TUBE_TYPE= <>
##$USERA1= <>
##$USERA10= <user>
##$USERA2= <>
##$USERA3= <>
##$USERA4= <>
##$USERA5= <>
##$USERA6= <userUSERA5 DEF user acq. parameter 5$80002 255>
##$UUID= <b3fa3e3a-baa1-11ee-a94c-a0369f8b6044>
##$V9= 5
##$VALIDCODE= -1
##$VALIST= <>
##$VCLIST= <>
##$VDLIST= <>
##$VPLIST= <>
##$VTLIST= <>
##$WBST= 1024
##$WBSW= 20
##$XGAIN= (0..3)
0 0 0 0
##$XL= 0
##$YL= 0
##$YMAX_a= 355515
##$YMIN_a= -233921
##$ZGOPTNS= <-DLABEL_CN -DHSQC -DPROXIMAL_N -DH_SHAPED>
##$ZL1= 120
##$ZL2= 120
##$ZL3= 120
##$ZL4= 120
##$scaledByNS= no
##$scaledByRG= no
##END=
