##TITLE= Parameter file, TopSpin 3.6.5
##JCAMPDX= 5.0
##DATATYPE= Parameter Values
##NPOINTS= 4	$$ modification sequence number
##ORIGIN= Bruker BioSpin GmbH
##OWNER= nmrsu
$$ 2024-01-25 21:30:31.760 +0100  nmrsu@CZC603BPWK
$$ /reference/MENMR/ubiCN/25/TEST_HNCO/1/acqu3
$$ process /opt/topspin3.6.5/prog/mod/dataserver
##$ACQT0= 0
##$BF1= 201.076646
##$DE= 77.69302
##$DECIM= 1
##$DR= 16
##$FW= 5100
##$FnILOOP= 0
##$FnMODE= 5
##$NUC1= <13C>
##$NusJSP= 0
##$NusT2= 1
##$NusTD= 0
##$O1= 35389.489696
##$ProjAngle= 0
##$SFO1= 201.112035489696
##$SW= 20
##$SW_h= 4022.24070979392
##$TD= 256
##END=
