##TITLE= Parameter file, TopSpin 3.6.5
##JCAMPDX= 5.0
##DATATYPE= Parameter Values
##NPOINTS= 8	$$ modification sequence number
##ORIGIN= Bruker BioSpin GmbH
##OWNER= nmrsu
$$ 2024-01-25 01:06:10.193 +0100  nmrsu@CZC603BPWK
$$ /reference/MENMR/ubiCN/25/TEST_2D_HSQC_SIMPLE/11/acqu2
$$ process /opt/topspin3.6.5/prog/mod/dataserver
##$ACQT0= 0
##$BF1= 201.076646
##$DE= 19.42589
##$DECIM= 1
##$DR= 16
##$FW= 20400
##$FnILOOP= 0
##$FnMODE= 6
##$NUC1= <13C>
##$NusJSP= 0
##$NusT2= 1
##$NusTD= 0
##$O1= 8043.06584
##$ProjAngle= 0
##$SFO1= 201.08468906584
##$SW= 80
##$SW_h= 16086.7751252672
##$TD= 256
##END=
